PATH
  remote: .
  specs:
    dep_upgrade (0.4.1)
      bundler
      bundler-audit
      rake

GEM
  remote: https://rubygems.org/
  specs:
    bundler-audit (0.6.0)
      bundler (~> 1.2)
      thor (~> 0.18)
    diff-lcs (1.3)
    git-chlog (0.2.1)
    rake (10.5.0)
    rspec (3.8.0)
      rspec-core (~> 3.8.0)
      rspec-expectations (~> 3.8.0)
      rspec-mocks (~> 3.8.0)
    rspec-core (3.8.0)
      rspec-support (~> 3.8.0)
    rspec-expectations (3.8.2)
      diff-lcs (>= 1.2.0, < 2.0)
      rspec-support (~> 3.8.0)
    rspec-mocks (3.8.0)
      diff-lcs (>= 1.2.0, < 2.0)
      rspec-support (~> 3.8.0)
    rspec-support (3.8.0)
    thor (0.20.3)

PLATFORMS
  ruby

DEPENDENCIES
  bundler (~> 1.16)
  dep_upgrade!
  git-chlog
  rake (~> 10.0)
  rspec (~> 3.0)

BUNDLED WITH
   1.16.4
